GEM
  remote: https://rubygems.org/
  specs:
    actionmailer (4.0.4)
      actionpack (= 4.0.4)
      mail (~> 2.5.4)
    actionpack (4.0.4)
      activesupport (= 4.0.4)
      builder (~> 3.1.0)
      erubis (~> 2.7.0)
      rack (~> 1.5.2)
      rack-test (~> 0.6.2)
    activemodel (4.0.4)
      activesupport (= 4.0.4)
      builder (~> 3.1.0)
    activerecord (4.0.4)
      activemodel (= 4.0.4)
      activerecord-deprecated_finders (~> 1.0.2)
      activesupport (= 4.0.4)
      arel (~> 4.0.0)
    activerecord-deprecated_finders (1.0.3)
    activesupport (4.0.4)
      i18n (~> 0.6, >= 0.6.9)
      minitest (~> 4.2)
      multi_json (~> 1.3)
      thread_safe (~> 0.1)
      tzinfo (~> 0.3.37)
    arel (4.0.2)
    azure (0.6.3)
      json (~> 1.8)
      mime-types (~> 1.0)
      nokogiri (~> 1.5)
      systemu (~> 2.6)
      uuid (~> 2.0)
    backports (3.6.0)
    builder (3.1.4)
    chunky_png (1.3.0)
    coffee-script (2.2.0)
      coffee-script-source
      execjs
    coffee-script-source (1.7.0)
    compass (0.12.4)
      chunky_png (~> 1.2)
      fssm (>= 0.2.7)
      sass (~> 3.2.17)
    daemons (1.1.9)
    em-websocket (0.5.0)
      eventmachine (>= 0.12.9)
      http_parser.rb (~> 0.5.3)
    erubis (2.7.0)
    event_emitter (0.2.5)
    eventmachine (1.0.3)
    execjs (2.0.2)
    figaro (0.7.0)
      bundler (~> 1.0)
      rails (>= 3, < 5)
    fssm (0.2.10)
    hashie (2.0.5)
    hike (1.2.3)
    http_parser.rb (0.5.3)
    httparty (0.13.0)
      json (~> 1.8)
      multi_xml (>= 0.5.2)
    i18n (0.6.9)
    json (1.8.1)
    macaddr (1.7.0)
      systemu (~> 2.6.2)
    mail (2.5.4)
      mime-types (~> 1.16)
      treetop (~> 1.4.8)
    mime-types (1.25.1)
    mini_portile (0.5.3)
    minitest (4.7.5)
    multi_json (1.9.2)
    multi_xml (0.5.5)
    nokogiri (1.6.1)
      mini_portile (~> 0.5.0)
    polyglot (0.3.4)
    rack (1.5.2)
    rack-protection (1.5.2)
      rack
    rack-test (0.6.2)
      rack (>= 1.0)
    rails (4.0.4)
      actionmailer (= 4.0.4)
      actionpack (= 4.0.4)
      activerecord (= 4.0.4)
      activesupport (= 4.0.4)
      bundler (>= 1.3.0, < 2.0)
      railties (= 4.0.4)
      sprockets-rails (~> 2.0.0)
    railties (4.0.4)
      actionpack (= 4.0.4)
      activesupport (= 4.0.4)
      rake (>= 0.8.7)
      thor (>= 0.18.1, < 2.0)
    rake (10.2.2)
    rmagick (2.13.2)
    sass (3.2.19)
    sinatra (1.4.4)
      rack (~> 1.4)
      rack-protection (~> 1.4)
      tilt (~> 1.3, >= 1.3.4)
    sinatra-cometio (0.6.0)
      event_emitter (>= 0.2.5)
      eventmachine (>= 1.0.0)
      httparty
      json (>= 1.7.0)
      sinatra (>= 1.3.0)
      sinatra-contrib (>= 1.3.2)
    sinatra-contrib (1.4.2)
      backports (>= 2.0)
      multi_json
      rack-protection
      rack-test
      sinatra (~> 1.4.0)
      tilt (~> 1.3)
    sinatra-rocketio (0.3.3)
      event_emitter (>= 0.2.5)
      eventmachine (>= 1.0.0)
      hashie
      sinatra
      sinatra-cometio (>= 0.5.9)
      sinatra-websocketio (>= 0.4.0)
    sinatra-websocketio (0.4.1)
      em-websocket (>= 0.5.0)
      event_emitter (>= 0.2.4)
      eventmachine (>= 1.0.0)
      json (>= 1.7.0)
      sinatra (>= 1.3.0)
      sinatra-contrib (>= 1.3.2)
      websocket-client-simple
    slim (2.0.2)
      temple (~> 0.6.6)
      tilt (>= 1.3.3, < 2.1)
    sprockets (2.12.0)
      hike (~> 1.2)
      multi_json (~> 1.0)
      rack (~> 1.0)
      tilt (~> 1.1, != 1.3.0)
    sprockets-rails (2.0.1)
      actionpack (>= 3.0)
      activesupport (>= 3.0)
      sprockets (~> 2.8)
    systemu (2.6.4)
    temple (0.6.7)
    thin (1.6.2)
      daemons (>= 1.0.9)
      eventmachine (>= 1.0.0)
      rack (>= 1.0.0)
    thor (0.19.1)
    thread_safe (0.3.2)
    tilt (1.4.1)
    treetop (1.4.15)
      polyglot
      polyglot (>= 0.3.1)
    tzinfo (0.3.39)
    uuid (2.3.7)
      macaddr (~> 1.0)
    websocket (1.1.2)
    websocket-client-simple (0.0.9)
      event_emitter
      websocket

PLATFORMS
  ruby

DEPENDENCIES
  azure
  coffee-script
  compass
  figaro
  rmagick
  sass
  sinatra
  sinatra-rocketio
  slim
  thin
